PATH
  remote: .
  specs:
    neptuno (0.4.0)
      dry-cli
      hirb
      tty-command
      tty-config
      tty-file
      tty-prompt
      tty-spinner
      tty-which
      zeitwerk

GEM
  remote: https://rubygems.org/
  specs:
    ansi (1.5.0)
    ast (2.4.2)
    builder (3.2.4)
    diff-lcs (1.5.0)
    dry-cli (0.7.0)
    hirb (0.7.3)
    minitest (5.14.4)
    minitest-reporters (1.4.3)
      ansi
      builder
      minitest (>= 5.0)
      ruby-progressbar
    parallel (1.21.0)
    parser (3.0.2.0)
      ast (~> 2.4.1)
    pastel (0.8.0)
      tty-color (~> 0.5)
    rainbow (3.0.0)
    rake (13.0.6)
    regexp_parser (2.1.1)
    rexml (3.2.5)
    rubocop (1.22.3)
      parallel (~> 1.10)
      parser (>= 3.0.0.0)
      rainbow (>= 2.2.2, < 4.0)
      regexp_parser (>= 1.8, < 3.0)
      rexml
      rubocop-ast (>= 1.12.0, < 2.0)
      ruby-progressbar (~> 1.7)
      unicode-display_width (>= 1.4.0, < 3.0)
    rubocop-ast (1.13.0)
      parser (>= 3.0.1.1)
    rubocop-performance (1.11.5)
      rubocop (>= 1.7.0, < 2.0)
      rubocop-ast (>= 0.4.0)
    ruby-progressbar (1.11.0)
    standard (1.4.0)
      rubocop (= 1.22.3)
      rubocop-performance (= 1.11.5)
    tty-color (0.6.0)
    tty-command (0.10.1)
      pastel (~> 0.8)
    tty-config (0.5.1)
    tty-cursor (0.7.1)
    tty-file (0.10.0)
      diff-lcs (~> 1.3)
      pastel (~> 0.8)
      tty-prompt (~> 0.22)
    tty-prompt (0.23.1)
      pastel (~> 0.8)
      tty-reader (~> 0.8)
    tty-reader (0.9.0)
      tty-cursor (~> 0.7)
      tty-screen (~> 0.8)
      wisper (~> 2.0)
    tty-screen (0.8.1)
    tty-spinner (0.9.3)
      tty-cursor (~> 0.7)
    tty-which (0.5.0)
    unicode-display_width (2.1.0)
    wisper (2.0.1)
    zeitwerk (2.5.4)

PLATFORMS
  x86_64-darwin-20
  x86_64-darwin-21
  x86_64-linux

DEPENDENCIES
  minitest
  minitest-reporters
  neptuno!
  rake
  rubocop
  standard

BUNDLED WITH
   2.2.32
